PATH
  remote: .
  specs:
    ipaddress (0.8.3)

GEM
  remote: https://rubygems.org/
  specs:
    docile (1.4.0)
    minitest (5.22.2)
    rake (13.1.0)
    simplecov (0.22.0)
      docile (~> 1.1)
      simplecov-html (~> 0.11)
      simplecov_json_formatter (~> 0.1)
    simplecov-html (0.12.3)
    simplecov_json_formatter (0.1.4)

PLATFORMS
  arm64-darwin
  x86_64-darwin
  x86_64-linux

DEPENDENCIES
  ipaddress!
  minitest (~> 5.22)
  rake (~> 13.1)
  simplecov (~> 0.22)

BUNDLED WITH
   2.5.6
